GEM
  remote: http://rubygems.org/
  specs:
    curb (0.7.15)
    json (1.5.1)
    speech2text (0.3.4)
      curb
      json

PLATFORMS
  ruby

DEPENDENCIES
  curb
  json
  speech2text (= 0.3.4)
